GEM
  remote: https://rubygems.org/
  specs:
    erubi (1.10.0)
    ffi (1.14.2)
    kgio (2.11.3)
    listen (3.4.1)
      rb-fsevent (~> 0.10, >= 0.10.3)
      rb-inotify (~> 0.9, >= 0.9.10)
    multi_json (1.15.0)
    mustermann (1.1.1)
      ruby2_keywords (~> 0.0.1)
    rack (2.2.3)
    rack-protection (2.1.0)
      rack
    raindrops (0.19.1)
    rb-fsevent (0.10.4)
    rb-inotify (0.10.1)
      ffi (~> 1.0)
    require_all (3.0.0)
    rerun (0.13.1)
      listen (~> 3.0)
    ruby2_keywords (0.0.4)
    sequel (5.41.0)
    sinatra (2.1.0)
      mustermann (~> 1.0)
      rack (~> 2.2)
      rack-protection (= 2.1.0)
      tilt (~> 2.0)
    sinatra-contrib (2.1.0)
      multi_json
      mustermann (~> 1.0)
      rack-protection (= 2.1.0)
      sinatra (= 2.1.0)
      tilt (~> 2.0)
    sqlite3 (1.4.2)
    tilt (2.0.10)
    unicorn (5.8.0)
      kgio (~> 2.6)
      raindrops (~> 0.7)

PLATFORMS
  ruby

DEPENDENCIES
  erubi
  require_all
  rerun
  sequel
  sinatra
  sinatra-contrib
  sqlite3
  unicorn

BUNDLED WITH
   1.17.2
